GEM
  remote: https://rubygems.org/
  specs:
    byebug (10.0.0)
    coderay (1.1.2)
    method_source (0.9.0)
    mysql2 (0.4.10)
    pry (0.11.3)
      coderay (~> 1.1.0)
      method_source (~> 0.9.0)
    pry-byebug (3.6.0)
      byebug (~> 10.0)
      pry (~> 0.10)
    rake (12.3.0)
    sequel (5.6.0)

PLATFORMS
  ruby

DEPENDENCIES
  mysql2 (= 0.4.10)
  pry-byebug (= 3.6.0)
  rake (= 12.3.0)
  sequel (= 5.6.0)

BUNDLED WITH
   1.16.1
